GEM
  remote: https://rubygems.org/
  specs:
    chronic (0.10.2)
    concurrent-ruby (1.0.0)
    connection_pool (2.2.0)
    faraday (0.9.2)
      multipart-post (>= 1.2, < 3)
    json (1.8.3)
    mini_portile2 (2.0.0)
    multipart-post (2.0.0)
    nokogiri (1.6.7.2)
      mini_portile2 (~> 2.0.0.rc2)
    redis (3.2.2)
    redis-namespace (1.5.2)
      redis (~> 3.0, >= 3.0.4)
    sidekiq (4.1.0)
      concurrent-ruby (~> 1.0)
      connection_pool (~> 2.2, >= 2.2.0)
      redis (~> 3.2, >= 3.2.1)
    whenever (0.9.4)
      chronic (>= 0.6.3)

PLATFORMS
  ruby

DEPENDENCIES
  faraday
  json
  nokogiri
  redis
  redis-namespace
  sidekiq
  whenever

BUNDLED WITH
   1.11.2
